GEM
  remote: http://rubygems.org/
  specs:
    coffee-script (2.2.0)
      coffee-script-source
      execjs
    coffee-script-source (1.1.3)
    execjs (1.2.9)
      multi_json (~> 1.0)
    hike (1.2.1)
    multi_json (1.0.4)
    rack (1.3.5)
    rack-protection (1.1.4)
      rack
    sass (3.1.11)
    sinatra (1.3.1)
      rack (>= 1.3.4, ~> 1.3)
      rack-protection (>= 1.1.2, ~> 1.1)
      tilt (>= 1.3.3, ~> 1.3)
    sprockets (2.1.2)
      hike (~> 1.2)
      rack (~> 1.0)
      tilt (~> 1.1, != 1.3.0)
    tilt (1.3.3)

PLATFORMS
  ruby

DEPENDENCIES
  coffee-script
  sass
  sinatra
  sprockets
